GEM
  remote: http://rubygems.org/
  specs:
    httpclient (2.7.1)
    humanize (1.1.0)
    ordinalize (0.0.3)
      humanize
    pdf-core (0.6.0)
    prawn (2.0.2)
      pdf-core (~> 0.6.0)
      ttfunk (~> 1.4.0)
    puma (2.15.3)
    rack (1.6.0)
    rack-protection (1.5.3)
      rack
    sinatra (1.4.6)
      rack (~> 1.4)
      rack-protection (~> 1.4)
      tilt (>= 1.3, < 3)
    tilt (2.0.1)
    ttfunk (1.4.0)

PLATFORMS
  ruby

DEPENDENCIES
  httpclient
  ordinalize
  prawn
  puma
  sinatra
